PATH
  remote: .
  specs:
    timetrap-toggl (1.0.1)
      timetrap (~> 1.7, >= 1.7.0)
      togglv8 (~> 1.2.1)

GEM
  remote: https://rubygems.org/
  specs:
    awesome_print (1.7.0)
    chronic (0.10.2)
    coderay (1.1.0)
    diff-lcs (1.2.5)
    faraday (0.9.2)
      multipart-post (>= 1.2, < 3)
    logger (1.2.8)
    method_source (0.8.2)
    multipart-post (2.0.0)
    oj (2.17.5)
    pry (0.10.0)
      coderay (~> 1.1.0)
      method_source (~> 0.8.1)
      slop (~> 3.4)
    rspec (3.0.0)
      rspec-core (~> 3.0.0)
      rspec-expectations (~> 3.0.0)
      rspec-mocks (~> 3.0.0)
    rspec-core (3.0.1)
      rspec-support (~> 3.0.0)
    rspec-expectations (3.0.1)
      diff-lcs (>= 1.2.0, < 2.0)
      rspec-support (~> 3.0.0)
    rspec-mocks (3.0.1)
      rspec-support (~> 3.0.0)
    rspec-support (3.0.0)
    sequel (4.0.0)
    slop (3.5.0)
    sqlite3 (1.3.12)
    timetrap (1.12.0)
      chronic (~> 0.10.2)
      sequel (~> 4.0.0)
      sqlite3 (~> 1.3.3)
    togglv8 (1.2.1)
      faraday
      logger
      oj

PLATFORMS
  ruby

DEPENDENCIES
  awesome_print
  pry (~> 0.10, >= 0.10.0)
  rspec (~> 3.0, >= 3.0.0)
  timetrap-toggl!

BUNDLED WITH
   1.13.5
